GEM
  remote: https://rubygems.org/
  specs:
    awesome_print (1.7.0)
    json (1.8.3)

PLATFORMS
  ruby

DEPENDENCIES
  awesome_print (~> 1.6)
  json (~> 1.8.3)

BUNDLED WITH
   1.13.0
