GEM
  remote: https://rubygems.org/
  specs:
    algoliasearch (1.11.0)
      httpclient (~> 2.8.2)
      json (>= 1.5.1)
    awesome_print (1.7.0)
    httpclient (2.8.2.4)
    json (1.8.3)
    mini_portile2 (2.1.0)
    nokogiri (1.6.8)
      mini_portile2 (~> 2.1.0)
      pkg-config (~> 1.1.7)
    pkg-config (1.1.7)
    slugify (1.0.7)

PLATFORMS
  ruby

DEPENDENCIES
  algoliasearch (= 1.11)
  awesome_print (~> 1.6)
  json (~> 1.8.3)
  nokogiri (~> 1.6.8)
  slugify (~> 1.0.6)

BUNDLED WITH
   1.13.2
