GEM
  remote: https://rubygems.org/
  specs:
    awesome_print (1.7.0)
    json (1.8.3)
    mini_portile (0.6.2)
    nokogiri (1.6.6.4)
      mini_portile (~> 0.6.0)

PLATFORMS
  ruby

DEPENDENCIES
  awesome_print (~> 1.6)
  json (~> 1.8.3)
  nokogiri (~> 1.6.6.2)

BUNDLED WITH
   1.13.0
